GEM
  remote: https://rubygems.org/
  specs:
    activemodel (4.1.6)
      activesupport (= 4.1.6)
      builder (~> 3.1)
    activesupport (4.1.6)
      i18n (~> 0.6, >= 0.6.9)
      json (~> 1.7, >= 1.7.7)
      minitest (~> 5.1)
      thread_safe (~> 0.1)
      tzinfo (~> 1.1)
    builder (3.2.2)
    facter (2.2.0-x64-mingw32)
      ffi (~> 1.9.3)
      win32-dir (~> 0.4.8)
      win32-security (~> 0.2.5)
    faraday (0.9.0)
      multipart-post (>= 1.2, < 3)
    ffi (1.9.3-x64-mingw32)
    her (0.7.2)
      activemodel (>= 3.0.0, < 4.2)
      activesupport (>= 3.0.0, < 4.2)
      faraday (>= 0.8, < 1.0)
      multi_json (~> 1.7)
    hiera (1.3.4)
      json_pure
    highline (1.6.21)
    i18n (0.6.11)
    json (1.8.1)
    json_pure (1.8.1)
    librarian (0.1.2)
      highline
      thor (~> 0.15)
    librarian-puppet (2.0.0)
      librarian (>= 0.1.2)
      puppet_forge
      rsync
    minitar (0.5.4)
    minitest (5.4.2)
    multi_json (1.10.1)
    multipart-post (2.0.0)
    puppet (3.7.2-x64-mingw32)
      facter (> 1.6, < 3)
      ffi (= 1.9.3)
      hiera (~> 1.0)
      json_pure
      minitar (~> 0.5.4)
      win32-dir (~> 0.4.9)
      win32-eventlog (~> 0.6.1)
      win32-process (~> 0.7.4)
      win32-security (~> 0.2.5)
      win32-service (~> 0.8.6)
    puppet_forge (1.0.3)
      her (~> 0.6)
    rsync (1.0.9)
    thor (0.19.1)
    thread_safe (0.3.4)
    tzinfo (1.2.2)
      thread_safe (~> 0.1)
    win32-dir (0.4.9)
      ffi (>= 1.0.0)
    win32-eventlog (0.6.2)
      ffi
    win32-process (0.7.4)
      ffi (>= 1.0.0)
    win32-security (0.2.5)
      ffi
    win32-service (0.8.6)
      ffi

PLATFORMS
  x64-mingw32

DEPENDENCIES
  librarian-puppet
  puppet
